PATH
  remote: .
  specs:
    has_global_session (1.1.0)
      activesupport (>= 2.1.2)
      json (>= 1.1.7)
      uuidtools (>= 1.0.7)

GEM
  specs:
    actionpack (2.3.5)
      activesupport (= 2.3.5)
      rack (~> 1.0.0)
    activesupport (2.3.5)
    columnize (0.3.1)
    flexmock (0.8.6)
    json (1.4.2)
    linecache (0.43)
    rack (1.0.1)
    rake (0.8.7)
    rspec (1.3.0)
    ruby-debug (0.10.3)
      columnize (>= 0.1)
      ruby-debug-base (~> 0.10.3.0)
    ruby-debug-base (0.10.3)
      linecache (>= 0.3)
    uuidtools (1.0.7)

PLATFORMS
  ruby

DEPENDENCIES
  actionpack (>= 2.1.2)
  activesupport (>= 2.1.2)
  flexmock (>= 0.8.6)
  has_global_session!
  json (>= 1.1.7)
  rake (~> 0.8.7)
  rspec (>= 1.3.0)
  ruby-debug (~> 0.10.3)
  uuidtools (>= 1.0.7)
